GEM
  remote: https://rubygems.org/
  specs:
    backports (3.6.4)
    haml (4.0.5)
      tilt
    httparty (0.13.3)
      json (~> 1.8)
      multi_xml (>= 0.5.2)
    json (1.8.2)
    multi_json (1.10.1)
    multi_xml (0.5.5)
    rack (1.6.0)
    rack-protection (1.5.3)
      rack
    rack-test (0.6.3)
      rack (>= 1.0)
    rufus-scheduler (3.0.9)
      tzinfo
    sinatra (1.4.5)
      rack (~> 1.4)
      rack-protection (~> 1.4)
      tilt (~> 1.3, >= 1.3.4)
    sinatra-contrib (1.4.2)
      backports (>= 2.0)
      multi_json
      rack-protection
      rack-test
      sinatra (~> 1.4.0)
      tilt (~> 1.3)
    thread_safe (0.3.4)
    tilt (1.4.1)
    tzinfo (1.2.2)
      thread_safe (~> 0.1)

PLATFORMS
  ruby

DEPENDENCIES
  haml
  httparty
  rufus-scheduler
  sinatra (= 1.4.5)
  sinatra-contrib (= 1.4.2)
